FRAMEWORK: >= NET461
NUGET
  remote: https://api.nuget.org/v3/index.json
    Akka (1.2)
      Newtonsoft.Json (>= 9.0.1)
      System.Collections.Immutable (>= 1.3.1)
    Akka.Remote (1.2)
      Akka (>= 1.2)
      DotNetty.Buffers (>= 0.4.3)
      DotNetty.Codecs (>= 0.4.3)
      DotNetty.Common (>= 0.4.3)
      DotNetty.Handlers (>= 0.4.3)
      DotNetty.Transport (>= 0.4.3)
      Google.ProtocolBuffers (>= 2.4.1.555)
      System.Collections.Immutable (>= 1.3.1)
    DotNetty.Buffers (0.4.5)
      DotNetty.Common (>= 0.4.5)
    DotNetty.Codecs (0.4.5)
      DotNetty.Buffers (>= 0.4.5)
      DotNetty.Common (>= 0.4.5)
      DotNetty.Transport (>= 0.4.5)
    DotNetty.Common (0.4.5)
      Microsoft.Extensions.Logging (>= 1.1.1)
    DotNetty.Handlers (0.4.5)
      DotNetty.Buffers (>= 0.4.5)
      DotNetty.Codecs (>= 0.4.5)
      DotNetty.Common (>= 0.4.5)
      DotNetty.Transport (>= 0.4.5)
    DotNetty.Transport (0.4.5)
      DotNetty.Buffers (>= 0.4.5)
      DotNetty.Common (>= 0.4.5)
    Google.ProtocolBuffers (2.4.1.555)
    Microsoft.Extensions.DependencyInjection.Abstractions (1.1.1)
    Microsoft.Extensions.Logging (1.1.2)
      Microsoft.Extensions.DependencyInjection.Abstractions (>= 1.1.1)
      Microsoft.Extensions.Logging.Abstractions (>= 1.1.2)
      NETStandard.Library (>= 1.6.1)
    Microsoft.Extensions.Logging.Abstractions (1.1.2)
      NETStandard.Library (>= 1.6.1)
    Microsoft.Win32.Primitives (4.3)
    NETStandard.Library (1.6.1)
      Microsoft.Win32.Primitives (>= 4.3)
      System.AppContext (>= 4.3)
      System.Collections.Concurrent (>= 4.3)
      System.Console (>= 4.3)
      System.Diagnostics.Tracing (>= 4.3)
      System.Globalization.Calendars (>= 4.3)
      System.IO.Compression (>= 4.3)
      System.IO.Compression.ZipFile (>= 4.3)
      System.IO.FileSystem (>= 4.3)
      System.IO.FileSystem.Primitives (>= 4.3)
      System.Net.Http (>= 4.3)
      System.Net.Sockets (>= 4.3)
      System.Runtime.Handles (>= 4.3)
      System.Runtime.InteropServices (>= 4.3)
      System.Runtime.InteropServices.RuntimeInformation (>= 4.3)
      System.Runtime.Numerics (>= 4.3)
      System.Security.Cryptography.Algorithms (>= 4.3)
      System.Security.Cryptography.Encoding (>= 4.3)
      System.Security.Cryptography.Primitives (>= 4.3)
      System.Security.Cryptography.X509Certificates (>= 4.3)
      System.Threading.Timer (>= 4.3)
    Newtonsoft.Json (10.0.2)
    System.AppContext (4.3)
    System.Collections.Concurrent (4.3)
    System.Collections.Immutable (1.3.1)
    System.Console (4.3)
    System.Diagnostics.Tracing (4.3)
    System.Globalization.Calendars (4.3)
    System.IO (4.3) - framework: >= net463
    System.IO.Compression (4.3)
    System.IO.Compression.ZipFile (4.3)
    System.IO.FileSystem (4.3)
      System.IO.FileSystem.Primitives (>= 4.3)
    System.IO.FileSystem.Primitives (4.3)
    System.Net.Http (4.3.2)
      System.Security.Cryptography.X509Certificates (>= 4.3)
    System.Net.Sockets (4.3)
    System.Runtime (4.3)
    System.Runtime.Handles (4.3)
    System.Runtime.InteropServices (4.3)
      System.Runtime (>= 4.3) - framework: >= net462
    System.Runtime.InteropServices.RuntimeInformation (4.3)
    System.Runtime.Numerics (4.3)
    System.Security.Cryptography.Algorithms (4.3)
      System.IO (>= 4.3) - framework: >= net463
      System.Runtime (>= 4.3) - framework: >= net463
      System.Security.Cryptography.Encoding (>= 4.3) - framework: >= net463
      System.Security.Cryptography.Primitives (>= 4.3) - framework: net461, >= net463
    System.Security.Cryptography.Encoding (4.3)
    System.Security.Cryptography.Primitives (4.3)
    System.Security.Cryptography.X509Certificates (4.3)
      System.Security.Cryptography.Algorithms (>= 4.3)
      System.Security.Cryptography.Encoding (>= 4.3)
    System.Threading.Timer (4.3)
    System.ValueTuple (4.3.1)
  remote: CustomNugets
    FsPickler (3.2.1)
